GEM
  remote: https://rubygems.org/
  specs:
    awesome_print (1.8.0)
    builder (3.2.3)
    calabash-android (0.5.14)
      awesome_print (~> 1.2)
      cucumber (~> 1.3.17)
      escape (~> 0.0.4)
      httpclient (>= 2.3.2, < 3.0)
      json (~> 1.8)
      retriable (>= 1.3.3.1, < 1.5)
      rubyzip (~> 1.1)
      slowhandcuke (~> 0.0.3)
    cucumber (1.3.20)
      builder (>= 2.1.2)
      diff-lcs (>= 1.1.3)
      gherkin (~> 2.12)
      multi_json (>= 1.7.5, < 2.0)
      multi_test (>= 0.1.2)
    diff-lcs (1.3)
    escape (0.0.4)
    gherkin (2.12.2)
      multi_json (~> 1.3)
    httpclient (2.8.3)
    json (1.8.6)
    multi_json (1.13.1)
    multi_test (0.1.2)
    retriable (1.4.1)
    rubyzip (1.2.2)
    slowhandcuke (0.0.3)
      cucumber

PLATFORMS
  ruby
  x64-mingw32

DEPENDENCIES
  calabash-android (= 0.5.14)

BUNDLED WITH
   1.16.5
